GEM
  remote: https://rubygems.org/
  specs:
    nio4r (2.5.8)
    polars-df (0.3.1-aarch64-linux)
    polars-df (0.3.1-arm64-darwin)
    puma (6.1.1)
      nio4r (~> 2.0)
    rack (3.0.4.2)

PLATFORMS
  aarch64-linux
  arm64-darwin-22

DEPENDENCIES
  polars-df
  puma
  rack

BUNDLED WITH
   2.4.7
